GEM
  remote: https://rubygems.org/
  specs:
    awesome_print (1.6.1)
    curses (1.0.1)
    dispel (0.0.7)
      curses
    httparty (0.13.3)
      json (~> 1.8)
      multi_xml (>= 0.5.2)
    json (1.8.2)
    mini_portile (0.6.2)
    multi_xml (0.5.5)
    nokogiri (1.6.6.2)
      mini_portile (~> 0.6.0)
    ruby-terminfo (0.1.1)

PLATFORMS
  ruby

DEPENDENCIES
  awesome_print
  dispel
  httparty
  nokogiri
  ruby-terminfo
