GEM
  remote: https://rubygems.org/
  specs:
    curses (1.0.1)
    diff-lcs (1.2.5)
    dispel (0.0.7)
      curses
    rspec (3.1.0)
      rspec-core (~> 3.1.0)
      rspec-expectations (~> 3.1.0)
      rspec-mocks (~> 3.1.0)
    rspec-core (3.1.7)
      rspec-support (~> 3.1.0)
    rspec-expectations (3.1.2)
      diff-lcs (>= 1.2.0, < 2.0)
      rspec-support (~> 3.1.0)
    rspec-mocks (3.1.3)
      rspec-support (~> 3.1.0)
    rspec-support (3.1.2)
    ruby-terminfo (0.1.1)

PLATFORMS
  ruby

DEPENDENCIES
  dispel
  rspec
  ruby-terminfo
